GEM
  remote: https://rubygems.org/
  specs:
    Ascii85 (1.1.0)
    activesupport (7.0.7.2)
      concurrent-ruby (~> 1.0, >= 1.0.2)
      i18n (>= 1.6, < 2)
      minitest (>= 5.1)
      tzinfo (~> 2.0)
    afm (0.2.2)
    aruba (2.2.0)
      bundler (>= 1.17, < 3.0)
      contracts (>= 0.16.0, < 0.18.0)
      cucumber (>= 8.0, < 10.0)
      rspec-expectations (~> 3.4)
      thor (~> 1.0)
    ast (2.4.2)
    base64 (0.1.1)
    builder (3.2.4)
    bundler-audit (0.9.1)
      bundler (>= 1.2.0, < 3)
      thor (~> 1.0)
    climate_control (0.2.0)
    coderay (1.1.3)
    concurrent-ruby (1.2.2)
    contracts (0.17)
    cucumber (9.0.1)
      builder (~> 3.2, >= 3.2.4)
      cucumber-ci-environment (~> 9.2, >= 9.2.0)
      cucumber-core (~> 11.0, >= 11.0.0)
      cucumber-cucumber-expressions (~> 16.1, >= 16.1.2)
      cucumber-gherkin (>= 23.0.1, < 26.2.1)
      cucumber-html-formatter (~> 20.4, >= 20.4.0)
      cucumber-messages (>= 18, < 23)
      diff-lcs (~> 1.5, >= 1.5.0)
      mini_mime (~> 1.1, >= 1.1.5)
      multi_test (~> 1.1, >= 1.1.0)
      sys-uname (~> 1.2, >= 1.2.3)
    cucumber-ci-environment (9.2.0)
    cucumber-core (11.1.0)
      cucumber-gherkin (>= 24, < 27)
      cucumber-messages (>= 19, < 22)
      cucumber-tag-expressions (~> 4.1, >= 4.1.0)
    cucumber-cucumber-expressions (16.1.2)
    cucumber-gherkin (26.2.0)
      cucumber-messages (>= 19.1.4, < 22.1)
    cucumber-html-formatter (20.4.0)
      cucumber-messages (>= 18.0, < 22.1)
    cucumber-messages (21.0.1)
    cucumber-tag-expressions (4.1.0)
    diff-lcs (1.5.0)
    ffi (1.15.5)
    hashery (2.1.2)
    i18n (1.14.1)
      concurrent-ruby (~> 1.0)
    json (2.6.3)
    language_server-protocol (3.17.0.3)
    lint_roller (1.1.0)
    mini_mime (1.1.5)
    minitest (5.20.0)
    multi_test (1.1.0)
    nokogiri (1.15.4-arm64-darwin)
      racc (~> 1.4)
    parallel (1.23.0)
    parser (3.2.2.3)
      ast (~> 2.4.1)
      racc
    pdf-reader (2.11.0)
      Ascii85 (~> 1.0)
      afm (~> 0.2.1)
      hashery (~> 2.0)
      ruby-rc4
      ttfunk
    pkg-config (1.5.5)
    racc (1.7.1)
    rainbow (3.1.1)
    rake (13.0.6)
    redcarpet (3.6.0)
    regexp_parser (2.8.1)
    rexml (3.2.6)
    rmagick (5.3.0)
      pkg-config (~> 1.4)
    rspec (3.12.0)
      rspec-core (~> 3.12.0)
      rspec-expectations (~> 3.12.0)
      rspec-mocks (~> 3.12.0)
    rspec-core (3.12.2)
      rspec-support (~> 3.12.0)
    rspec-expectations (3.12.3)
      diff-lcs (>= 1.2.0, < 2.0)
      rspec-support (~> 3.12.0)
    rspec-mocks (3.12.6)
      diff-lcs (>= 1.2.0, < 2.0)
      rspec-support (~> 3.12.0)
    rspec-support (3.12.1)
    rubocop (1.56.2)
      base64 (~> 0.1.1)
      json (~> 2.3)
      language_server-protocol (>= 3.17.0)
      parallel (~> 1.10)
      parser (>= 3.2.2.3)
      rainbow (>= 2.2.2, < 4.0)
      regexp_parser (>= 1.8, < 3.0)
      rexml (>= 3.2.5, < 4.0)
      rubocop-ast (>= 1.28.1, < 2.0)
      ruby-progressbar (~> 1.7)
      unicode-display_width (>= 2.4.0, < 3.0)
    rubocop-ast (1.29.0)
      parser (>= 3.2.1.0)
    rubocop-performance (1.19.0)
      rubocop (>= 1.7.0, < 2.0)
      rubocop-ast (>= 0.4.0)
    ruby-progressbar (1.13.0)
    ruby-rc4 (0.1.5)
    standard (1.31.1)
      language_server-protocol (~> 3.17.0.2)
      lint_roller (~> 1.0)
      rubocop (~> 1.56.2)
      standard-custom (~> 1.0.0)
      standard-performance (~> 1.2)
    standard-custom (1.0.2)
      lint_roller (~> 1.0)
      rubocop (~> 1.50)
    standard-performance (1.2.0)
      lint_roller (~> 1.1)
      rubocop-performance (~> 1.19.0)
    sys-uname (1.2.3)
      ffi (~> 1.1)
    terminal-table (3.0.2)
      unicode-display_width (>= 1.1.1, < 3)
    terrapin (0.6.0)
      climate_control (>= 0.0.3, < 1.0)
    thor (1.2.2)
    ttfunk (1.7.0)
    tzinfo (2.0.6)
      concurrent-ruby (~> 1.0)
    unicode-display_width (2.4.2)

PLATFORMS
  arm64-darwin-22

DEPENDENCIES
  activesupport
  aruba
  bundler-audit
  coderay
  cucumber
  json
  nokogiri
  pdf-reader
  rake
  redcarpet
  rmagick
  rspec
  standard
  terminal-table
  terrapin
  thor

RUBY VERSION
   ruby 3.2.2p53

BUNDLED WITH
   2.4.19
